{
    "Manufacturer": "Bruker BioSpin MRI GmbH",
    "ManufacturersModelName": "BAP141/11",
    "DeviceSerialNumber": 446011,
    "StationName": "BAP141/11",
    "SoftwareVersion": "PV-360.3.3",
    "MagneticFieldStrength": 13.944449237288238,
    "ReceiveCoilName": "Generic Transceiver 1H",
    "ReceiveCoilActiveElements": "SURFACE_COIL",
    "GradientSetType": "ACQ_status",
    "MRTransmitCoilSequence": {
        "Name": "Generic Transceiver 1H",
        "Manufacture": "unknown",
        "Type": "SURFACE_COIL"
    },
    "CoilConfigName": "ACQ_coil_config_file",
    "MatrixCoilMode": "SingleExperiment",
    "CoilCombinationMethod": "Value was not specified",
    "PulseSequenceType": "xy079EPI.ppg",
    "ScanningSequence": "User:xy079EPI",
    "SequenceVariant": "Both",
    "ScanOptions": {
        "RG": "No",
        "CG": "No",
        "PFF": 1,
        "PFP": 1.7142857143,
        "FC": "FlowNone",
        "SP": "On",
        "FP": "NoSuppression"
    },
    "SequenceName": "xy079EPI",
    "PulseSequenceDetails": "xy079EPI (E35)",
    "NonlinearGradientCorrection": "RectilinearTraversal",
    "NumberShots": 1,
    "ParallelReductionFactorInPlane": 1,
    "ParallelAcquisitionTechnique": "Value was not specified",
    "PartialFourier": 1.7142857143,
    "PartialFourierDirection": "Value was not specified",
    "PhaseEncodingDirection": "j",
    "EffectiveEchoSpacing": 9.257142857142868e-06,
    "TotalReadoutTime": 0.0005184000000000007,
    "EchoTime": 0.0062,
    "InversionTime": "VisuAcqInversionTime",
    "SliceTiming": [
        0.0,
        0.00027100271002710027,
        0.0005420054200542005,
        0.0008130081300813008,
        0.001084010840108401,
        0.0013550135501355014,
        0.0016260162601626016,
        0.001897018970189702,
        0.002168021680216802,
        0.0024390243902439024,
        0.0027100271002710027,
        0.002981029810298103,
        0.0032520325203252032,
        0.0035230352303523035,
        0.003794037940379404,
        0.004065040650406504,
        0.004336043360433604,
        0.004607046070460705,
        0.00013550135501355014,
        0.0004065040650406504,
        0.0006775067750677507,
        0.000948509485094851,
        0.0012195121951219512,
        0.0014905149051490515,
        0.0017615176151761518,
        0.002032520325203252,
        0.0023035230352303525,
        0.0025745257452574524,
        0.002845528455284553,
        0.003116531165311653,
        0.0033875338753387536,
        0.0036585365853658534,
        0.003929539295392954,
        0.004200542005420054,
        0.004471544715447155,
        0.0047425474254742545
    ],
    "SliceEncodingDirection": "k",
    "DwellTime": 0.0005184000000000007,
    "FlipAngle": 90,
    "MultibandAccerlationFactor": "Value was not specified",
    "AnatomicalLandmarkCoordinates": "Value was not specified",
    "InstitutionName": "Athinoula A. Martinos Center for Biomedical Imaging",
    "InstitutionAddress": "Value was not specified",
    "InstitutionalDepartmentName": "Value was not specified",
    "RepetitionTime": 2.0,
    "TaskName": "Visual Stim",
    "NumberOfVolumesDiscardedByScanner": 15,
    "AcquisitionDuration": 410.0,
    "DelayAfterTrigger": "Value was not specified",
    "Instructions": "Value was not specified",
    "TaskDescription": "Value was not specified",
    "CogAtlasID": "https://www.cognitiveatlas.org/fillYourID",
    "CogPOID": "http://www.cogpo.org/fillYourID"
}